GEM
  remote: https://rubygems.org/
  specs:
    bcrypt (3.1.16)
    bcrypt-ruby (3.1.5)
      bcrypt (>= 3.1.3)

PLATFORMS
  x86_64-linux

DEPENDENCIES
  bcrypt (~> 3.1)
  bcrypt-ruby (~> 3.1)

BUNDLED WITH
   2.2.7
